GEM
  remote: https://rubygems.org/
  specs:
    hanami-api (0.3.0)
      hanami-router (~> 2.0)
    hanami-router (2.0.2)
      mustermann (~> 3.0)
      mustermann-contrib (~> 3.0)
      rack (~> 2.0)
    hansi (0.2.1)
    mustermann (3.0.0)
      ruby2_keywords (~> 0.0.1)
    mustermann-contrib (3.0.0)
      hansi (~> 0.2.0)
      mustermann (= 3.0.0)
    nio4r (2.5.8)
    puma (6.0.2)
      nio4r (~> 2.0)
    rack (2.2.6.2)
    ruby2_keywords (0.0.5)

PLATFORMS
  aarch64-linux-musl
  arm64-darwin-22

DEPENDENCIES
  hanami-api (~> 0.3.0)
  puma

BUNDLED WITH
   2.4.5
